GEM
  remote: http://rubygems.org/
  specs:
    mysql2 (0.4.4)
    rack (1.6.4)
    rack-protection (1.5.3)
      rack
    require_all (1.3.3)
    sinatra (1.4.7)
      rack (~> 1.5)
      rack-protection (~> 1.4)
      tilt (>= 1.3, < 3)
    sinatra-flash (0.3.0)
      sinatra (>= 1.0.0)
    tilt (2.0.5)

PLATFORMS
  ruby

DEPENDENCIES
  mysql2
  require_all
  sinatra
  sinatra-flash

BUNDLED WITH
   1.13.5
